GIT
  remote: git://github.com/rapportive-oss/right_aws.git
  revision: 6b3ead71d1424da196eb5f251b49489541295264
  specs:
    right_aws (2.2.2)
      right_http_connection (>= 1.2.5)

GEM
  remote: http://rubygems.org/
  specs:
    activesupport (3.1.1)
      multi_json (~> 1.0)
    airbrake (3.0.4)
      activesupport
      builder
    builder (3.0.0)
    diff-lcs (1.1.3)
    i18n (0.6.0)
    json (1.5.1)
    multi_json (1.0.3)
    newrelic_rpm (3.1.2)
    rack (1.2.2)
    right_http_connection (1.3.0)
    rspec (2.6.0)
      rspec-core (~> 2.6.0)
      rspec-expectations (~> 2.6.0)
      rspec-mocks (~> 2.6.0)
    rspec-core (2.6.4)
    rspec-expectations (2.6.0)
      diff-lcs (~> 1.1.2)
    rspec-mocks (2.6.0)
    sinatra (1.2.1)
      rack (~> 1.1)
      tilt (>= 1.2.2, < 2.0)
    tilt (1.2.2)

PLATFORMS
  ruby

DEPENDENCIES
  airbrake
  i18n
  json
  newrelic_rpm
  rack
  right_aws!
  rspec
  sinatra
